PATH
  remote: .
  specs:
    motion-parallel (0.1)

GEM
  remote: https://rubygems.org/
  specs:
    rake (12.3.3)

PLATFORMS
  ruby

DEPENDENCIES
  motion-parallel!
  rake
